GEM
  remote: http://rubygems.org/
  specs:
    redis (2.2.1)
    trollop (1.16.2)

PLATFORMS
  ruby

DEPENDENCIES
  redis
  trollop
