GEM
  remote: http://rubygems.org/
  specs:
    active_support (3.0.0)
      activesupport (= 3.0.0)
    activesupport (3.0.0)
    dalli (1.0.5)
    trollop (1.16.2)

PLATFORMS
  ruby

DEPENDENCIES
  active_support
  dalli
  trollop
