GEM
  remote: http://rubygems.org/
  specs:
    dalli (1.0.5)
    trollop (1.16.2)

PLATFORMS
  ruby

DEPENDENCIES
  dalli
  trollop
